PATH
  remote: .
  specs:
    rufirmata (0.0.1)
      ruby-serialport

GEM
  specs:
    diff-lcs (1.1.2)
    rspec (2.1.0)
      rspec-core (~> 2.1.0)
      rspec-expectations (~> 2.1.0)
      rspec-mocks (~> 2.1.0)
    rspec-core (2.1.0)
    rspec-expectations (2.1.0)
      diff-lcs (~> 1.1.2)
    rspec-mocks (2.1.0)
    ruby-serialport (0.7.0)

PLATFORMS
  ruby

DEPENDENCIES
  rspec (~> 2.1)
  ruby-serialport
  rufirmata!
